GEM
  remote: https://rubygems.org/
  specs:
    celluloid (0.16.0)
      timers (~> 4.0.0)
    ffi (1.9.10-x64-mingw32)
    hitimes (1.2.2)
    jekyll-paginate (1.1.0)
    jekyll-watch (1.2.1)
      listen (~> 2.7)
    kramdown (1.8.0)
    listen (2.10.1)
      celluloid (~> 0.16.0)
      rb-fsevent (>= 0.9.3)
      rb-inotify (>= 0.9)
    rb-fsevent (0.9.6)
    rb-inotify (0.9.5)
      ffi (>= 0.5.0)
    timers (4.0.4)
      hitimes
    wdm (0.1.1)

PLATFORMS
  x64-mingw32

DEPENDENCIES
  jekyll-paginate
  jekyll-watch
  kramdown
  wdm

BUNDLED WITH
   1.13.7
